GIT
  remote: git://github.com/heroku/rails3_serve_static_assets.git
  revision: 84910ceb4ca2851d650e66d3b22f5008acf253f8
  specs:
    rails3_serve_static_assets (0.0.1)

GIT
  remote: git://github.com/igrigorik/vimgolf.git
  revision: 96f0cb12bf6a63e19eaaf078711312f16d9a6bc3
  specs:
    vimgolf (0.4.8)
      highline
      json_pure
      thor (>= 0.14.6)

GIT
  remote: git://github.com/rspec/rspec-core.git
  revision: 910eb7fb3184ea23a8cd8bd13b14ac84ca39664c
  specs:
    rspec-core (3.6.0.pre)
      rspec-support (= 3.6.0.pre)

GIT
  remote: git://github.com/rspec/rspec-expectations.git
  revision: a271631e9b8e1749be876dbcc65dbd7a6a40d2db
  specs:
    rspec-expectations (3.6.0.pre)
      diff-lcs (>= 1.2.0, < 2.0)
      rspec-support (= 3.6.0.pre)

GIT
  remote: git://github.com/rspec/rspec-mocks.git
  revision: 097bf1f54d1082b4c8e2d7e421614f4d2e252641
  specs:
    rspec-mocks (3.6.0.pre)
      diff-lcs (>= 1.2.0, < 2.0)
      rspec-support (= 3.6.0.pre)

GIT
  remote: git://github.com/rspec/rspec-support.git
  revision: abd792d51ec8f79111d815a55e527048c0523a1d
  specs:
    rspec-support (3.6.0.pre)

GIT
  remote: git://github.com/rspec/rspec.git
  revision: a6d52f65daa9ea2e3d096116f67aff75afc1c115
  specs:
    rspec (3.6.0.pre)
      rspec-core (= 3.6.0.pre)
      rspec-expectations (= 3.6.0.pre)
      rspec-mocks (= 3.6.0.pre)

GEM
  remote: http://rubygems.org/
  specs:
    abstract (1.0.0)
    actionmailer (3.0.19)
      actionpack (= 3.0.19)
      mail (~> 2.2.19)
    actionpack (3.0.19)
      activemodel (= 3.0.19)
      activesupport (= 3.0.19)
      builder (~> 2.1.2)
      erubis (~> 2.6.6)
      i18n (~> 0.5.0)
      rack (~> 1.2.5)
      rack-mount (~> 0.6.14)
      rack-test (~> 0.5.7)
      tzinfo (~> 0.3.23)
    activemodel (3.0.19)
      activesupport (= 3.0.19)
      builder (~> 2.1.2)
      i18n (~> 0.5.0)
    activerecord (3.0.19)
      activemodel (= 3.0.19)
      activesupport (= 3.0.19)
      arel (~> 2.0.10)
      tzinfo (~> 0.3.23)
    activeresource (3.0.19)
      activemodel (= 3.0.19)
      activesupport (= 3.0.19)
    activesupport (3.0.19)
    arel (2.0.10)
    bson (1.1.5)
    bson_ext (1.1.5)
    builder (2.1.2)
    dalli (2.7.6)
    diff-lcs (1.2.5)
    erubis (2.6.6)
      abstract (>= 1.0.0)
    hashie (3.4.4)
    highline (1.7.8)
    i18n (0.5.4)
    json (1.8.2)
    json_pure (2.0.2)
    kgio (2.10.0)
    mail (2.2.20)
      activesupport (>= 2.3.6)
      i18n (>= 0.4.0)
      mime-types (~> 1.16)
      treetop (~> 1.4.8)
    memcachier (0.0.2)
    mime-types (1.25.1)
    mongo (1.1.5)
      bson (>= 1.1.5)
    mongoid (2.0.0.beta.20)
      activemodel (~> 3.0)
      mongo (~> 1.1)
      tzinfo (~> 0.3.22)
      will_paginate (~> 3.0.pre)
    newrelic_rpm (3.16.1.320)
    oauth (0.5.1)
    omniauth (1.3.1)
      hashie (>= 1.2, < 4)
      rack (>= 1.0, < 3)
    omniauth-oauth (1.1.0)
      oauth
      omniauth (~> 1.0)
    omniauth-twitter (1.2.1)
      json (~> 1.3)
      omniauth-oauth (~> 1.1)
    polyglot (0.3.5)
    power_assert (0.2.6)
    rack (1.2.8)
    rack-mount (0.6.14)
      rack (>= 1.0.0)
    rack-test (0.5.7)
      rack (>= 1.0)
    rack-timeout (0.4.2)
    rails (3.0.19)
      actionmailer (= 3.0.19)
      actionpack (= 3.0.19)
      activerecord (= 3.0.19)
      activeresource (= 3.0.19)
      activesupport (= 3.0.19)
      bundler (~> 1.0)
      railties (= 3.0.19)
    railties (3.0.19)
      actionpack (= 3.0.19)
      activesupport (= 3.0.19)
      rake (>= 0.8.7)
      rdoc (~> 3.4)
      thor (~> 0.14.4)
    raindrops (0.17.0)
    rake (11.2.2)
    rdoc (3.12.2)
      json (~> 1.4)
    test-unit (3.1.5)
      power_assert
    thor (0.14.6)
    treetop (1.4.15)
      polyglot
      polyglot (>= 0.3.1)
    tweet-button (0.1.0)
    tzinfo (0.3.51)
    unicorn (5.1.0)
      kgio (~> 2.6)
      raindrops (~> 0.7)
    will_paginate (3.1.0)

PLATFORMS
  ruby

DEPENDENCIES
  bson (= 1.1.5)
  bson_ext (= 1.1.5)
  dalli
  json (= 1.8.2)
  memcachier
  mongo (= 1.1.5)
  mongoid (= 2.0.0.beta.20)
  newrelic_rpm
  omniauth
  omniauth-twitter
  rack-timeout
  rails (= 3.0.19)
  rails3_serve_static_assets!
  rspec!
  rspec-core!
  rspec-expectations!
  rspec-mocks!
  rspec-support!
  test-unit
  tweet-button
  unicorn
  vimgolf!

RUBY VERSION
   ruby 2.3.1p112

BUNDLED WITH
   1.12.5
